GEM
  remote: http://rubygems.org/
  specs:
    guard (1.3.3)
      listen (>= 0.4.2)
      thor (>= 0.14.6)
    guard-zen (0.0.4)
    listen (0.5.1)
    rb-fsevent (0.9.1)
    thor (0.17.0)

PLATFORMS
  ruby

DEPENDENCIES
  guard
  guard-zen
  rb-fsevent (~> 0.9.1)
